GIT
  remote: http://github.com/rails/exception_notification.git
  revision: 192a49a02d63d28b23ed41cebadfedd490929cf1
  specs:
    exception_notification (1.0.0)

GIT
  remote: http://github.com/rawongithub/minitest-rails.git
  revision: b8997a7044b41d4c372b7a071927f376864b8104
  branch: gemspec
  specs:
    minitest-rails (0.0.5)
      actionpack (~> 3.1)
      activesupport (~> 3.1)
      minitest (~> 2.10)
      railties (~> 3.1)

GEM
  remote: http://rubygems.org/
  specs:
    actionmailer (3.2.12)
      actionpack (= 3.2.12)
      mail (~> 2.4.4)
    actionpack (3.2.12)
      activemodel (= 3.2.12)
      activesupport (= 3.2.12)
      builder (~> 3.0.0)
      erubis (~> 2.7.0)
      journey (~> 1.0.4)
      rack (~> 1.4.5)
      rack-cache (~> 1.2)
      rack-test (~> 0.6.1)
      sprockets (~> 2.2.1)
    activemodel (3.2.12)
      activesupport (= 3.2.12)
      builder (~> 3.0.0)
    activerecord (3.2.12)
      activemodel (= 3.2.12)
      activesupport (= 3.2.12)
      arel (~> 3.0.2)
      tzinfo (~> 0.3.29)
    activeresource (3.2.12)
      activemodel (= 3.2.12)
      activesupport (= 3.2.12)
    activesupport (3.2.12)
      i18n (~> 0.6)
      multi_json (~> 1.0)
    acts_as_list (0.2.0)
      activerecord (>= 3.0)
    acts_as_tree (1.2.0)
      activerecord (>= 3.0.0)
    addressable (2.3.3)
    ansi (1.4.3)
    api_cache (0.2.3)
    arel (3.0.2)
    babosa (0.3.9)
    bcrypt-ruby (3.0.1)
    builder (3.0.4)
    cancan (1.6.9)
    capistrano (2.13.5)
      highline
      net-scp (>= 1.0.0)
      net-sftp (>= 2.0.0)
      net-ssh (>= 2.0.14)
      net-ssh-gateway (>= 1.1.0)
    capistrano-ext (1.2.1)
      capistrano (>= 1.0.0)
    capybara (2.0.2)
      mime-types (>= 1.16)
      nokogiri (>= 1.3.3)
      rack (>= 1.0.0)
      rack-test (>= 0.5.4)
      selenium-webdriver (~> 2.0)
      xpath (~> 1.0.0)
    capybara-webkit (0.14.2)
      capybara (~> 2.0, >= 2.0.2)
      json
    capybara_minitest_spec (1.0.0)
      capybara (>= 2)
      minitest (>= 2)
    childprocess (0.3.8)
      ffi (~> 1.0, >= 1.0.11)
    chronic (0.9.1)
    chunky_png (1.2.7)
    climate_control (0.0.3)
      activesupport (>= 3.0)
    cocaine (0.5.1)
      climate_control (>= 0.0.3, < 1.0)
    coderay (1.0.9)
    coffee-rails (3.2.2)
      coffee-script (>= 2.2.0)
      railties (~> 3.2.0)
    coffee-script (2.2.0)
      coffee-script-source
      execjs
    coffee-script-source (1.5.0)
    compass (0.12.2)
      chunky_png (~> 1.2)
      fssm (>= 0.2.7)
      sass (~> 3.1)
    compass-rails (1.0.3)
      compass (>= 0.12.2, < 0.14)
    country_select (1.1.3)
    daemons (1.1.9)
    dalli (2.6.2)
    database_cleaner (0.9.1)
    delayed_job (3.0.5)
      activesupport (~> 3.0)
    delayed_job_active_record (0.4.2)
      activerecord (>= 2.1.0, < 4)
      delayed_job (~> 3.0)
    devise (2.2.3)
      bcrypt-ruby (~> 3.0)
      orm_adapter (~> 0.1)
      railties (~> 3.1)
      warden (~> 1.2.1)
    dynamic_form (1.1.4)
    erubis (2.7.0)
    execjs (1.4.0)
      multi_json (~> 1.0)
    factory_girl (4.2.0)
      activesupport (>= 3.0.0)
    factory_girl_rails (4.2.1)
      factory_girl (~> 4.2.0)
      railties (>= 3.0.0)
    faraday (0.8.6)
      multipart-post (~> 1.1)
    ffi (1.4.0)
    friendly_id (3.3.3.0)
      babosa (~> 0.3.0)
    fssm (0.2.10)
    geocoder_plus (0.4.0)
      geokit (>= 1.5.0)
      yajl-ruby (>= 0.8.2)
    geokit (1.6.5)
      multi_json
    guard (1.6.2)
      listen (>= 0.6.0)
      lumberjack (>= 1.0.2)
      pry (>= 0.9.10)
      terminal-table (>= 1.4.3)
      thor (>= 0.14.6)
    guard-minitest (0.5.0)
      guard (>= 0.4)
    highline (1.6.15)
    hike (1.2.1)
    httpauth (0.2.0)
    i18n (0.6.4)
    journey (1.0.4)
    jquery-rails (2.0.3)
      railties (>= 3.1.0, < 5.0)
      thor (~> 0.14)
    json (1.7.7)
    jwt (0.1.5)
      multi_json (>= 1.0)
    kgio (2.8.0)
    launchy (2.2.0)
      addressable (~> 2.3)
    libv8 (3.3.10.4)
    listen (0.7.3)
    lumberjack (1.0.2)
    mail (2.4.4)
      i18n (>= 0.4.0)
      mime-types (~> 1.16)
      treetop (~> 1.4.8)
    meta-tags (1.3.0)
      actionpack
    metaclass (0.0.1)
    method_source (0.8.1)
    mime-types (1.21)
    minitest (2.12.1)
    minitest-rails-capybara (0.0.2)
      capybara
      minitest-rails
    mocha (0.13.0)
      metaclass (~> 0.0.1)
    moneta (0.7.14)
    money (5.1.1)
      i18n (~> 0.6.0)
    money-rails (0.8.0)
      activesupport (>= 3.0)
      money (~> 5.1.0)
      railties (>= 3.0)
    multi_json (1.6.1)
    multi_xml (0.5.3)
    multipart-post (1.2.0)
    mysql2 (0.3.11)
    net-scp (1.1.0)
      net-ssh (>= 2.6.5)
    net-sftp (2.1.1)
      net-ssh (>= 2.6.5)
    net-ssh (2.6.5)
    net-ssh-gateway (1.2.0)
      net-ssh (>= 2.6.5)
    nokogiri (1.5.6)
    oauth (0.4.7)
    oauth2 (0.9.1)
      faraday (~> 0.8)
      httpauth (~> 0.1)
      jwt (~> 0.1.4)
      multi_json (~> 1.0)
      multi_xml (~> 0.5)
      rack (~> 1.2)
    orm_adapter (0.4.0)
    paperclip (3.4.1)
      activemodel (>= 3.0.0)
      activerecord (>= 3.0.0)
      activesupport (>= 3.0.0)
      cocaine (~> 0.5.0)
      mime-types
    paperclip-meta (0.4.3)
      paperclip
    passenger_monit (0.1.1)
    polyamorous (0.5.0)
      activerecord (~> 3.0)
    polyglot (0.3.3)
    pry (0.9.12)
      coderay (~> 1.0.5)
      method_source (~> 0.8)
      slop (~> 3.4)
    rabl (0.8.0)
      activesupport (>= 2.3.14)
    rack (1.4.5)
    rack-cache (1.2)
      rack (>= 0.4)
    rack-mini-profiler (0.1.23)
      rack (>= 1.1.3)
    rack-rewrite (1.3.3)
    rack-ssl (1.3.3)
      rack
    rack-test (0.6.2)
      rack (>= 1.0)
    rails (3.2.12)
      actionmailer (= 3.2.12)
      actionpack (= 3.2.12)
      activerecord (= 3.2.12)
      activeresource (= 3.2.12)
      activesupport (= 3.2.12)
      bundler (~> 1.0)
      railties (= 3.2.12)
    rails_autolink (1.0.9)
      rails (~> 3.1)
    railties (3.2.12)
      actionpack (= 3.2.12)
      activesupport (= 3.2.12)
      rack-ssl (~> 1.3.2)
      rake (>= 0.8.7)
      rdoc (~> 3.4)
      thor (>= 0.14.6, < 2.0)
    raindrops (0.10.0)
    rake (10.0.3)
    ransack (0.7.2)
      actionpack (~> 3.0)
      activerecord (~> 3.0)
      polyamorous (~> 0.5.0)
    rb-inotify (0.9.0)
      ffi (>= 0.5.0)
    rdoc (3.12.2)
      json (~> 1.4)
    recaptcha (0.3.5)
    riddle (1.5.5)
    ruby-ole (1.2.11.6)
    rubyzip (0.9.9)
    sass (3.2.6)
    sass-rails (3.2.6)
      railties (~> 3.2.0)
      sass (>= 3.1.10)
      tilt (~> 1.3)
    selenium-webdriver (2.30.0)
      childprocess (>= 0.2.5)
      multi_json (~> 1.0)
      rubyzip
      websocket (~> 1.0.4)
    simple_form (2.1.0)
      actionpack (~> 3.0)
      activemodel (~> 3.0)
    simple_oauth (0.2.0)
    slop (3.4.3)
    spreadsheet (0.8.2)
      ruby-ole (>= 1.0)
    sprockets (2.2.2)
      hike (~> 1.2)
      multi_json (~> 1.0)
      rack (~> 1.0)
      tilt (~> 1.1, != 1.3.0)
    swf_fu (2.0.3)
      coffee-script
      rails (>= 3.1)
    terminal-table (1.4.5)
    therubyracer (0.10.2)
      libv8 (~> 3.3.10)
    thinking-sphinx (2.0.10)
      activerecord (>= 3.0.3)
      builder (>= 2.1.2)
      riddle (>= 1.5.0)
    thor (0.17.0)
    tilt (1.3.4)
    tinymce-rails (3.5.8.1)
      railties (>= 3.1.1)
    to_xls (1.5.2)
      spreadsheet
    treetop (1.4.12)
      polyglot
      polyglot (>= 0.3.1)
    turn (0.9.6)
      ansi
    twitter (4.5.0)
      faraday (~> 0.8, < 0.10)
      multi_json (~> 1.0)
      simple_oauth (~> 0.2)
    tzinfo (0.3.35)
    uglifier (1.3.0)
      execjs (>= 0.3.0)
      multi_json (~> 1.0, >= 1.0.2)
    unicorn (4.6.2)
      kgio (~> 2.6)
      rack
      raindrops (~> 0.7)
    warden (1.2.1)
      rack (>= 1.0)
    websocket (1.0.7)
    whenever (0.8.2)
      activesupport (>= 2.3.4)
      chronic (>= 0.6.3)
    will_paginate (3.0.4)
    xpath (1.0.0)
      nokogiri (~> 1.3)
    yajl-ruby (1.1.0)
    youtube_it (2.1.13)
      builder
      faraday (~> 0.8)
      nokogiri (~> 1.5.2)
      oauth (~> 0.4.4)
      oauth2 (~> 0.6)
      simple_oauth (>= 0.1.5)
    zurb-foundation (4.0.2)
      rake
      sass (>= 3.2.0)

PLATFORMS
  ruby

DEPENDENCIES
  acts_as_list
  acts_as_tree
  api_cache
  cancan
  capistrano (= 2.13.5)
  capistrano-ext
  capybara-webkit
  capybara_minitest_spec
  coffee-rails (~> 3.2.1)
  compass-rails (>= 1.0.3)
  country_select
  daemons
  dalli
  database_cleaner
  delayed_job_active_record
  devise
  dynamic_form
  exception_notification!
  execjs
  factory_girl_rails
  friendly_id (~> 3.0)
  geocoder_plus
  geokit
  guard-minitest
  jquery-rails (~> 2.0.2)
  launchy
  meta-tags
  minitest-rails!
  minitest-rails-capybara
  mocha (= 0.13.0)
  moneta
  money-rails
  mysql2
  paperclip (~> 3.0)
  paperclip-meta
  passenger_monit
  rabl
  rack-mini-profiler
  rack-rewrite
  rails (= 3.2.12)
  rails_autolink
  ransack
  rb-inotify (~> 0.9)
  recaptcha
  rubyzip
  sass-rails (~> 3.2.3)
  simple_form (>= 2.0.2)
  swf_fu (>= 1.3.4)
  therubyracer (= 0.10.2)
  thinking-sphinx (= 2.0.10)
  tinymce-rails
  to_xls
  turn
  twitter
  uglifier (>= 1.0.3)
  unicorn
  whenever
  will_paginate
  youtube_it
  zurb-foundation (>= 3.0.9)
